GEM
  remote: http://rubygems.org/
  specs:
    psych (1.3.4)

PLATFORMS
  ruby

DEPENDENCIES
  psych (= 1.3.4)
