GIT
  remote: git://github.com/xtian/jshintrb.git
  revision: 423b9e53ca66b8feb4dd1abda861e55567db6b5e
  specs:
    jshintrb (0.2.1)
      execjs
      multi_json (>= 1.3)
      rake

GEM
  remote: http://rubygems.org/
  remote: http://gems.github.com/
  specs:
    actionmailer (3.2.12)
      actionpack (= 3.2.12)
      mail (~> 2.4.4)
    actionpack (3.2.12)
      activemodel (= 3.2.12)
      activesupport (= 3.2.12)
      builder (~> 3.0.0)
      erubis (~> 2.7.0)
      journey (~> 1.0.4)
      rack (~> 1.4.5)
      rack-cache (~> 1.2)
      rack-test (~> 0.6.1)
      sprockets (~> 2.2.1)
    activemodel (3.2.12)
      activesupport (= 3.2.12)
      builder (~> 3.0.0)
    activerecord (3.2.12)
      activemodel (= 3.2.12)
      activesupport (= 3.2.12)
      arel (~> 3.0.2)
      tzinfo (~> 0.3.29)
    activeresource (3.2.12)
      activemodel (= 3.2.12)
      activesupport (= 3.2.12)
    activesupport (3.2.12)
      i18n (~> 0.6)
      multi_json (~> 1.0)
    addressable (2.3.3)
    ansi (1.4.3)
    arel (3.0.2)
    bcrypt-ruby (3.0.1)
    better_errors (0.7.0)
      coderay (>= 1.0.0)
      erubis (>= 2.6.6)
    binding_of_caller (0.7.1)
      debug_inspector (>= 0.0.1)
    bootstrap-sass (2.3.0.1)
      sass (~> 3.2)
    bson (1.7.1)
    bson_ext (1.7.1)
      bson (~> 1.7.1)
    builder (3.0.4)
    capistrano (2.14.2)
      highline
      net-scp (>= 1.0.0)
      net-sftp (>= 2.0.0)
      net-ssh (>= 2.0.14)
      net-ssh-gateway (>= 1.1.0)
    capistrano-ext (1.2.1)
      capistrano (>= 1.0.0)
    capistrano-recipes (0.8.0)
      capistrano (>= 2.5.9)
      capistrano-ext (>= 1.2.1)
    carrierwave (0.8.0)
      activemodel (>= 3.2.0)
      activesupport (>= 3.2.0)
    carrierwave-mongoid (0.1.3)
      carrierwave (>= 0.5.6)
      mongoid (~> 2.1)
    coderay (1.0.9)
    debug_inspector (0.0.2)
    draper (1.1.0)
      actionpack (>= 3.0)
      activesupport (>= 3.0)
      request_store (~> 1.0.3)
    encryptor (1.1.3)
    erubis (2.7.0)
    ethon (0.5.10)
      ffi (~> 1.3.0)
      mime-types (~> 1.18)
    excon (0.6.6)
    execjs (1.4.0)
      multi_json (~> 1.0)
    fabrication (2.6.1)
    failsafe (0.2.0)
    faker (1.1.2)
      i18n (~> 0.5)
    faraday (0.7.6)
      addressable (~> 2.2)
      multipart-post (~> 1.1)
      rack (~> 1.1)
    fast-stemmer (1.0.2)
    ffi (1.3.1)
    fog (0.9.0)
      builder
      excon (~> 0.6.1)
      formatador (>= 0.1.3)
      json
      mime-types
      net-scp (>= 1.0.4)
      net-ssh (>= 2.1.4)
      nokogiri (>= 1.4.4)
      ruby-hmac
    formatador (0.2.4)
    fuzzyhash (0.0.11)
    geoip (1.2.1)
    geokit (1.6.5)
      multi_json
    haml (4.0.0)
      tilt
    haml-rails (0.4)
      actionpack (>= 3.1, < 4.1)
      activesupport (>= 3.1, < 4.1)
      haml (>= 3.1, < 4.1)
      railties (>= 3.1, < 4.1)
    hashie (2.0.2)
    hashr (0.0.22)
    highline (1.6.15)
    hike (1.2.1)
    hipchat (0.7.0)
      httparty
      httparty
    honeybadger (1.5.0)
      activesupport
      json
    httparty (0.10.2)
      multi_json (~> 1.0)
      multi_xml (>= 0.5.2)
    i18n (0.6.4)
    journey (1.0.4)
    jquery-rails (2.2.1)
      railties (>= 3.0, < 5.0)
      thor (>= 0.14, < 2.0)
    json (1.7.7)
    kaminari (0.14.1)
      actionpack (>= 3.0.0)
      activesupport (>= 3.0.0)
    kgio (2.8.0)
    koala (1.4.0)
      faraday (~> 0.7.0)
      multi_json (~> 1.0)
    leaflet-rails (0.5.0)
    mail (2.4.4)
      i18n (>= 0.4.0)
      mime-types (~> 1.16)
      treetop (~> 1.4.8)
    metaclass (0.0.1)
    method_source (0.8.1)
    mime-types (1.21)
    mini_magick (3.5.0)
      subexec (~> 0.2.1)
    minitest (4.6.2)
    minitest-rails (0.5.2)
      minitest (~> 4.0)
      rails (>= 3.0)
    mocha (0.13.2)
      metaclass (~> 0.0.1)
    mongo (1.7.1)
      bson (~> 1.7.1)
    mongoid (2.6.0)
      activemodel (~> 3.1)
      mongo (~> 1.7)
      tzinfo (~> 0.3.22)
    mongoid-pagination (0.2.0)
      activesupport
      mongoid
    mongoid_search (0.2.8)
      bson_ext (>= 1.2)
      fast-stemmer (~> 1.0.0)
      mongoid (>= 2.0.0)
    mongoid_slug (0.10.0)
      mongoid (~> 2.0)
      stringex (~> 1.3)
    multi_json (1.6.1)
    multi_xml (0.5.3)
    multipart-post (1.2.0)
    net-scp (1.1.0)
      net-ssh (>= 2.6.5)
    net-sftp (2.1.1)
      net-ssh (>= 2.6.5)
    net-ssh (2.6.6)
    net-ssh-gateway (1.2.0)
      net-ssh (>= 2.6.5)
    nokogiri (1.5.6)
    polyglot (0.3.3)
    pry (0.9.12)
      coderay (~> 1.0.5)
      method_source (~> 0.8)
      slop (~> 3.4)
    psych (1.3.4)
    puma (1.6.3)
      rack (~> 1.2)
    quiet_assets (1.0.2)
      railties (>= 3.1, < 5.0)
    qunit-rails (0.0.3)
      railties (>= 3.2.3)
    rack (1.4.5)
    rack-cache (1.2)
      rack (>= 0.4)
    rack-contrib (1.1.0)
      rack (>= 0.9.1)
    rack-protection (1.4.0)
      rack
    rack-ssl (1.3.3)
      rack
    rack-test (0.6.2)
      rack (>= 1.0)
    rails (3.2.12)
      actionmailer (= 3.2.12)
      actionpack (= 3.2.12)
      activerecord (= 3.2.12)
      activeresource (= 3.2.12)
      activesupport (= 3.2.12)
      bundler (~> 1.0)
      railties (= 3.2.12)
    railties (3.2.12)
      actionpack (= 3.2.12)
      activesupport (= 3.2.12)
      rack-ssl (~> 1.3.2)
      rake (>= 0.8.7)
      rdoc (~> 3.4)
      thor (>= 0.14.6, < 2.0)
    raindrops (0.10.0)
    rake (10.0.2)
    rdoc (3.12.2)
      json (~> 1.4)
    redis (3.0.3)
    redis-namespace (1.2.1)
      redis (~> 3.0.0)
    request_store (1.0.5)
    resque (1.23.0)
      multi_json (~> 1.0)
      redis-namespace (~> 1.0)
      sinatra (>= 0.9.2)
      vegas (~> 0.1.2)
    resque-scheduler (2.0.0)
      redis (>= 2.0.1)
      resque (>= 1.20.0)
      rufus-scheduler
    rest-client (1.6.7)
      mime-types (>= 1.16)
    ruby-hmac (0.4.0)
    rufus-scheduler (2.0.17)
      tzinfo (>= 0.3.23)
    sanitize (2.0.3)
      nokogiri (>= 1.4.4, < 1.6)
    sass (3.2.6)
    sass-rails (3.2.6)
      railties (~> 3.2.0)
      sass (>= 3.1.10)
      tilt (~> 1.3)
    sendgrid_toolkit (1.2.0)
      httparty (>= 0.7.6)
    simple_form (2.1.0)
      actionpack (~> 3.0)
      activemodel (~> 3.0)
    simplecov (0.7.1)
      multi_json (~> 1.0)
      simplecov-html (~> 0.7.1)
    simplecov-html (0.7.1)
    sinatra (1.3.5)
      rack (~> 1.4)
      rack-protection (~> 1.3)
      tilt (~> 1.3, >= 1.3.3)
    slop (3.4.3)
    sprockets (2.2.2)
      hike (~> 1.2)
      multi_json (~> 1.0)
      rack (~> 1.0)
      tilt (~> 1.1, != 1.3.0)
    state_machine (1.1.2)
    stringex (1.5.1)
    subexec (0.2.2)
    thor (0.17.0)
    tilt (1.3.4)
    tire (0.5.4)
      activemodel (>= 3.0)
      hashr (~> 0.0.19)
      multi_json (~> 1.3)
      rake
      rest-client (~> 1.6)
    tire-contrib (0.1.1)
      tire
    treetop (1.4.12)
      polyglot
      polyglot (>= 0.3.1)
    turn (0.9.6)
      ansi
    twiliolib (2.0.7)
      builder (>= 2.1.2)
    typhoeus (0.6.2)
      ethon (~> 0.5.10)
    tzinfo (0.3.36)
    uglifier (1.3.0)
      execjs (>= 0.3.0)
      multi_json (~> 1.0, >= 1.0.2)
    unicorn (4.6.2)
      kgio (~> 2.6)
      rack
      raindrops (~> 0.7)
    vegas (0.1.11)
      rack (>= 1.0.0)

PLATFORMS
  ruby

DEPENDENCIES
  actionmailer (= 3.2.12)
  actionpack (= 3.2.12)
  activemodel (= 3.2.12)
  activerecord (= 3.2.12)
  activeresource (= 3.2.12)
  activesupport (= 3.2.12)
  addressable (= 2.3.3)
  ansi (= 1.4.3)
  arel (= 3.0.2)
  bcrypt-ruby (= 3.0.1)
  better_errors (= 0.7.0)
  binding_of_caller (= 0.7.1)
  bootstrap-sass (= 2.3.0.1)
  bson (= 1.7.1)
  bson_ext (= 1.7.1)
  builder (= 3.0.4)
  bundler (= 1.3.1)
  capistrano (= 2.14.2)
  capistrano-ext (= 1.2.1)
  capistrano-recipes (= 0.8.0)
  carrierwave (= 0.8.0)
  carrierwave-mongoid (= 0.1.3)
  coderay (= 1.0.9)
  debug_inspector (= 0.0.2)
  draper (= 1.1.0)
  encryptor (= 1.1.3)
  erubis (= 2.7.0)
  ethon (= 0.5.10)
  excon (= 0.6.6)
  execjs (= 1.4.0)
  fabrication (= 2.6.1)
  failsafe (= 0.2.0)
  faker (= 1.1.2)
  faraday (= 0.7.6)
  fast-stemmer (= 1.0.2)
  ffi (= 1.3.1)
  fog (= 0.9.0)
  formatador (= 0.2.4)
  fuzzyhash (= 0.0.11)
  geoip (= 1.2.1)
  geokit (= 1.6.5)
  haml (= 4.0.0)
  haml-rails (= 0.4)
  hashie (= 2.0.2)
  hashr (= 0.0.22)
  highline (= 1.6.15)
  hike (= 1.2.1)
  hipchat (= 0.7.0)
  honeybadger (= 1.5.0)
  httparty (= 0.10.2)
  i18n (= 0.6.4)
  journey (= 1.0.4)
  jquery-rails (= 2.2.1)
  jshintrb!
  json (= 1.7.7)
  kaminari (= 0.14.1)
  kgio (= 2.8.0)
  koala (= 1.4.0)
  leaflet-rails (= 0.5.0)
  mail (= 2.4.4)
  metaclass (= 0.0.1)
  mime-types (= 1.21)
  mini_magick (= 3.5.0)
  minitest (= 4.6.2)
  minitest-rails (= 0.5.2)
  mocha (= 0.13.2)
  mongo (= 1.7.1)
  mongoid (= 2.6.0)
  mongoid-pagination (= 0.2.0)
  mongoid_search (= 0.2.8)
  mongoid_slug (= 0.10.0)
  multi_json (= 1.6.1)
  multi_xml (= 0.5.3)
  multipart-post (= 1.2.0)
  net-scp (= 1.1.0)
  net-sftp (= 2.1.1)
  net-ssh (= 2.6.6)
  net-ssh-gateway (= 1.2.0)
  nokogiri (= 1.5.6)
  polyglot (= 0.3.3)
  pry
  psych (= 1.3.4)
  puma (= 1.6.3)
  quiet_assets (= 1.0.2)
  qunit-rails (= 0.0.3)
  rack (= 1.4.5)
  rack-cache (= 1.2)
  rack-contrib (= 1.1.0)
  rack-protection (= 1.4.0)
  rack-ssl (= 1.3.3)
  rack-test (= 0.6.2)
  rails (= 3.2.12)
  railties (= 3.2.12)
  raindrops (= 0.10.0)
  rake (= 10.0.2)
  rdoc (= 3.12.2)
  redis (= 3.0.3)
  redis-namespace (= 1.2.1)
  request_store (= 1.0.5)
  resque (= 1.23.0)
  resque-scheduler (= 2.0.0)
  rest-client (= 1.6.7)
  ruby-hmac (= 0.4.0)
  rufus-scheduler (= 2.0.17)
  sanitize (= 2.0.3)
  sass (= 3.2.6)
  sass-rails (= 3.2.6)
  sendgrid_toolkit (= 1.2.0)
  simple_form (= 2.1.0)
  simplecov (= 0.7.1)
  simplecov-html (= 0.7.1)
  sinatra (= 1.3.5)
  sprockets (= 2.2.2)
  state_machine (= 1.1.2)
  stringex (= 1.5.1)
  subexec (= 0.2.2)
  thor (= 0.17.0)
  tilt (= 1.3.4)
  tire (= 0.5.4)
  tire-contrib (= 0.1.1)
  treetop (= 1.4.12)
  turn (= 0.9.6)
  twiliolib (= 2.0.7)
  typhoeus (= 0.6.2)
  tzinfo (= 0.3.36)
  uglifier (= 1.3.0)
  unicorn (= 4.6.2)
  vegas (= 0.1.11)
