GEM
  remote: http://rubygems.org/
  specs:
    coderay (1.0.9)
    method_source (0.8.1)
    pry (0.9.12)
      coderay (~> 1.0.5)
      method_source (~> 0.8)
      slop (~> 3.4)
    psych (1.3.4)
    slop (3.4.3)

PLATFORMS
  ruby

DEPENDENCIES
  pry
  psych (= 1.3.4)
